GEM
  remote: https://rubygems.org/
  specs:
    rice (3.0.0)

PLATFORMS
  ruby

DEPENDENCIES
  rice (~> 3)

BUNDLED WITH
   2.1.4
