GEM
  remote: https://rubygems.org/
  specs:
    rice (4.0.3)

PLATFORMS
  ruby

DEPENDENCIES
  rice (~> 4)

BUNDLED WITH
   2.3.6
