GEM
  remote: https://rubygems.org/
  specs:
    rice (4.0.2)

PLATFORMS
  ruby

DEPENDENCIES
  rice (~> 4)

BUNDLED WITH
   2.1.4
